GEM
  remote: https://rubygems.org/
  specs:
    addressable (2.3.6)
    coderay (1.1.0)
    concurrent-ruby (0.8.0)
      ref (~> 1.0, >= 1.0.5)
    concurrent-ruby (0.8.0-java)
    concurrent-ruby-ext (0.8.0)
      concurrent-ruby (~> 0.8.0)
    faraday (0.9.0)
      multipart-post (>= 1.2, < 3)
    ffi (1.9.6-java)
    method_source (0.8.2)
    multipart-post (2.0.0)
    octokit (3.3.1)
      sawyer (~> 0.5.3)
    pry (0.10.1)
      coderay (~> 1.1.0)
      method_source (~> 0.8.1)
      slop (~> 3.4)
    pry (0.10.1-java)
      coderay (~> 1.1.0)
      method_source (~> 0.8.1)
      slop (~> 3.4)
      spoon (~> 0.0)
    ref (1.0.5)
    sawyer (0.5.5)
      addressable (~> 2.3.5)
      faraday (~> 0.8, < 0.10)
    slop (3.6.0)
    spoon (0.0.4)
      ffi

PLATFORMS
  java
  ruby

DEPENDENCIES
  concurrent-ruby-ext
  octokit
  pry
